NUGET
  remote: https://nuget.org/api/v2
  specs:
    FAKE (4.4.6) - framework: >= net46
    FSharp.Core (3.1.2.5) - framework: >= net46
    MathNet.Numerics (3.8.0) - framework: >= net46
    MathNet.Numerics.FSharp (3.8.0) - framework: >= net46
      FSharp.Core (>= 3.1.2.5)
      MathNet.Numerics (3.8.0)
